PATH
  remote: .
  specs:
    wrench (0.0.1)

GEM
  remote: https://rubygems.org/
  specs:
    thor (0.17.0)

PLATFORMS
  ruby

DEPENDENCIES
  thor
  wrench!
