PATH
  remote: .
  specs:
    wrench (0.0.1)

GEM
  remote: https://rubygems.org/
  specs:
    colorize (0.5.8)
    thor (0.17.0)
    zip (2.0.2)

PLATFORMS
  ruby

DEPENDENCIES
  colorize
  thor
  wrench!
  zip
